GEM
  remote: https://rubygems.org/
  specs:
    cnpj_utils (1.2.0)
    concurrent-ruby (1.1.10)
    cpf_utils (1.3.1)
    documentos_br (1.1.0)
      cnpj_utils (~> 1.2.0)
      cpf_utils (~> 1.3.0)
      titulo_eleitor_utils (~> 1.1.0)
    faker (3.0.0)
      i18n (>= 1.8.11, < 2)
    i18n (1.12.0)
      concurrent-ruby (~> 1.0)
    lerolero_generator (1.0.1)
    strings-ansi (0.2.0)
    titulo_eleitor_utils (1.1.0)
    tty-cursor (0.7.1)
    tty-progressbar (0.18.2)
      strings-ansi (~> 0.2)
      tty-cursor (~> 0.7)
      tty-screen (~> 0.8)
      unicode-display_width (>= 1.6, < 3.0)
    tty-screen (0.8.1)
    tty-spinner (0.9.3)
      tty-cursor (~> 0.7)
    unicode-display_width (2.3.0)

PLATFORMS
  x86_64-linux

DEPENDENCIES
  cpf_utils
  documentos_br
  faker
  lerolero_generator
  tty-progressbar
  tty-spinner

BUNDLED WITH
   2.3.7
